NRRD0005
# This NRRD file was generated by pynrrd
# on 2018-04-02 16:28:03(GMT).
# Complete NRRD file format specification at:
# http://teem.sourceforge.net/nrrd/format.html
type: double
dimension: 3
sizes: 100 100 100
endian: little
encoding: raw
data file: Carb2.raw

