NRRD0005
# This NRRD file was generated by pynrrd
# on 2018-04-02 16:29:22(GMT).
# Complete NRRD file format specification at:
# http://teem.sourceforge.net/nrrd/format.html
type: double
dimension: 3
sizes: 20 100 100
endian: little
encoding: raw
data file: source.raw

